PATH
  remote: .
  specs:
    regent (0.1.0)
      langchainrb (~> 0.19.2)
      pastel (~> 0.8.0)
      ruby-openai (~> 7.3.1)
      tty-spinner (~> 0.9.3)
      zeitwerk (~> 2.7)

GEM
  remote: https://rubygems.org/
  specs:
    addressable (2.8.7)
      public_suffix (>= 2.0.2, < 7.0)
    baran (0.1.12)
    base64 (0.2.0)
    bigdecimal (3.1.8)
    crack (1.0.0)
      bigdecimal
      rexml
    diff-lcs (1.5.1)
    event_stream_parser (1.0.0)
    faraday (2.12.2)
      faraday-net_http (>= 2.0, < 3.5)
      json
      logger
    faraday-multipart (1.1.0)
      multipart-post (~> 2.0)
    faraday-net_http (3.4.0)
      net-http (>= 0.5.0)
    hashdiff (1.1.2)
    json (2.9.0)
    json-schema (4.3.1)
      addressable (>= 2.8)
    langchainrb (0.19.2)
      baran (~> 0.1.9)
      json-schema (~> 4)
      matrix
      pragmatic_segmenter (~> 0.3.0)
      zeitwerk (~> 2.5)
    logger (1.6.3)
    matrix (0.4.2)
    multipart-post (2.4.1)
    net-http (0.6.0)
      uri
    pastel (0.8.0)
      tty-color (~> 0.5)
    pragmatic_segmenter (0.3.24)
    public_suffix (6.0.1)
    rake (13.2.1)
    rexml (3.4.0)
    rspec (3.12.0)
      rspec-core (~> 3.12.0)
      rspec-expectations (~> 3.12.0)
      rspec-mocks (~> 3.12.0)
    rspec-core (3.12.2)
      rspec-support (~> 3.12.0)
    rspec-expectations (3.12.3)
      diff-lcs (>= 1.2.0, < 2.0)
      rspec-support (~> 3.12.0)
    rspec-mocks (3.12.6)
      diff-lcs (>= 1.2.0, < 2.0)
      rspec-support (~> 3.12.0)
    rspec-support (3.12.1)
    ruby-openai (7.3.1)
      event_stream_parser (>= 0.3.0, < 2.0.0)
      faraday (>= 1)
      faraday-multipart (>= 1)
    tty-color (0.6.0)
    tty-cursor (0.7.1)
    tty-spinner (0.9.3)
      tty-cursor (~> 0.7)
    uri (1.0.2)
    vcr (6.3.1)
      base64
    webmock (3.24.0)
      addressable (>= 2.8.0)
      crack (>= 0.3.2)
      hashdiff (>= 0.4.0, < 2.0.0)
    zeitwerk (2.7.1)

PLATFORMS
  arm64-darwin-22
  ruby

DEPENDENCIES
  pastel (~> 0.8.0)
  rake (~> 13.0)
  regent!
  rspec (~> 3.0)
  ruby-openai (~> 7.3.1)
  tty-spinner (~> 0.9.3)
  vcr (~> 6.2)
  webmock (~> 3.19)

BUNDLED WITH
   2.5.9
